GEM
  remote: http://rubygems.org/
  specs:
    command-t (1.3.1)
    rake (0.9.2.2)

PLATFORMS
  ruby

DEPENDENCIES
  command-t
  rake
